GEM
  remote: http://rubygems.org/
  specs:
    activesupport (3.1.0)
      multi_json (~> 1.0)
    capistrano (2.8.0)
      highline
      net-scp (>= 1.0.0)
      net-sftp (>= 2.0.0)
      net-ssh (>= 2.0.14)
      net-ssh-gateway (>= 1.1.0)
    chronic (0.6.4)
    chunky_png (1.2.4)
    coffee-script (2.2.0)
      coffee-script-source
      execjs
    coffee-script-source (1.1.2)
    compass (0.11.2)
      chunky_png (~> 1.1)
      fssm (>= 0.2.7)
      sass (~> 3.1)
    crack (0.1.8)
    daemons (1.1.4)
    eventmachine (0.12.10)
    execjs (1.2.6)
      multi_json (~> 1.0)
    fssm (0.2.7)
    haml (3.1.3)
    highline (1.6.2)
    http_router (0.7.10)
      rack (>= 1.0.0)
      url_mount (~> 0.2.1)
    httparty (0.7.8)
      crack (= 0.1.8)
    i18n (0.6.0)
    mechanize (2.0.1)
      net-http-digest_auth (~> 1.1, >= 1.1.1)
      net-http-persistent (~> 1.8)
      nokogiri (~> 1.4)
      webrobots (~> 0.0, >= 0.0.9)
    middleman (1.2.8)
      coffee-script (~> 2.2.0)
      compass (= 0.11.2)
      haml (~> 3.1.0)
      httparty (~> 0.7.0)
      padrino-core (~> 0.9.23)
      padrino-helpers (~> 0.9.23)
      rack (~> 1.0)
      rack-test (~> 0.5.0)
      sass (~> 3.1.0)
      shotgun (~> 0.8.0)
      sinatra (~> 1.2.0)
      thin (~> 1.2.0)
      thor (~> 0.14.0)
      tilt (~> 1.3.0)
      uglifier (~> 0.5.0)
    multi_json (1.0.3)
    net-http-digest_auth (1.1.1)
    net-http-persistent (1.9)
    net-scp (1.0.4)
      net-ssh (>= 1.99.1)
    net-sftp (2.0.5)
      net-ssh (>= 2.0.9)
    net-ssh (2.2.1)
    net-ssh-gateway (1.1.0)
      net-ssh (>= 1.99.1)
    nokogiri (1.5.0)
    padrino-core (0.9.29)
      activesupport (>= 3.0.0)
      http_router (~> 0.7.8)
      sinatra (~> 1.2.6)
      thor (>= 0.14.3)
      tilt (~> 1.3.0)
    padrino-helpers (0.9.29)
      i18n (>= 0.4.1)
      padrino-core (= 0.9.29)
    rack (1.3.3)
    rack-test (0.5.7)
      rack (>= 1.0)
    sass (3.1.7)
    shotgun (0.8)
      rack (>= 1.0)
    sinatra (1.2.6)
      rack (~> 1.1)
      tilt (>= 1.2.2, < 2.0)
    thin (1.2.11)
      daemons (>= 1.0.9)
      eventmachine (>= 0.12.6)
      rack (>= 1.0.0)
    thor (0.14.6)
    tilt (1.3.3)
    uglifier (0.5.4)
      execjs (>= 0.3.0)
      multi_json (>= 1.0.2)
    url_mount (0.2.1)
      rack
    webrobots (0.0.11)
      nokogiri (>= 1.4.4)
    whenever (0.7.0)
      activesupport (>= 2.3.4)
      chronic (~> 0.6.3)

PLATFORMS
  ruby

DEPENDENCIES
  capistrano
  compass (~> 0.11.1)
  mechanize (~> 2.0)
  middleman (~> 1.2.7)
  whenever
