GEM
  remote: http://rubygems.org/
  specs:
    activesupport (5.1.4)
      concurrent-ruby (~> 1.0, >= 1.0.2)
      i18n (~> 0.7)
      minitest (~> 5.1)
      tzinfo (~> 1.1)
    airbrussh (1.3.0)
      sshkit (>= 1.6.1, != 1.7.0)
    backports (3.11.1)
    capistrano (3.11.0)
      airbrussh (>= 1.0.0)
      i18n
      rake (>= 10.0.0)
      sshkit (>= 1.9.0)
    capistrano-bundler (1.2.0)
      capistrano (~> 3.1)
      sshkit (~> 1.2)
    capistrano-rvm (0.1.2)
      capistrano (~> 3.0)
      sshkit (~> 1.2)
    chronic (0.6.4)
    chunky_png (1.3.10)
    coderay (1.0.9)
    coffee-script (2.2.0)
      coffee-script-source
      execjs
    coffee-script-source (1.12.2)
    compass (0.11.2)
      chunky_png (~> 1.1)
      fssm (>= 0.2.7)
      sass (~> 3.1)
    concurrent-ruby (1.0.5)
    crack (0.1.8)
    daemons (1.2.6)
    eventmachine (1.0.9.1)
    execjs (2.7.0)
    fssm (0.2.10)
    haml (3.1.8)
    http_router (0.7.10)
      rack (>= 1.0.0)
      url_mount (~> 0.2.1)
    httparty (0.7.8)
      crack (= 0.1.8)
    i18n (0.9.3)
      concurrent-ruby (~> 1.0)
    mechanize (2.0.1)
      net-http-digest_auth (~> 1.1, >= 1.1.1)
      net-http-persistent (~> 1.8)
      nokogiri (~> 1.4)
      webrobots (~> 0.0, >= 0.0.9)
    method_source (0.8.2)
    middleman (1.2.8)
      coffee-script (~> 2.2.0)
      compass (= 0.11.2)
      haml (~> 3.1.0)
      httparty (~> 0.7.0)
      padrino-core (~> 0.9.23)
      padrino-helpers (~> 0.9.23)
      rack (~> 1.0)
      rack-test (~> 0.5.0)
      sass (~> 3.1.0)
      shotgun (~> 0.8.0)
      sinatra (~> 1.2.0)
      thin (~> 1.2.0)
      thor (~> 0.14.0)
      tilt (~> 1.3.0)
      uglifier (~> 0.5.0)
    mini_portile2 (2.4.0)
    minitest (5.11.3)
    multi_json (1.13.1)
    net-http-digest_auth (1.1.1)
    net-http-persistent (1.9)
    net-scp (1.2.1)
      net-ssh (>= 2.6.5)
    net-ssh (5.0.2)
    nokogiri (1.10.10)
      mini_portile2 (~> 2.4.0)
    padrino-core (0.9.29)
      activesupport (>= 3.0.0)
      http_router (~> 0.7.8)
      sinatra (~> 1.2.6)
      thor (>= 0.14.3)
      tilt (~> 1.3.0)
    padrino-helpers (0.9.29)
      i18n (>= 0.4.1)
      padrino-core (= 0.9.29)
    pry (0.9.12.2)
      coderay (~> 1.0.5)
      method_source (~> 0.8)
      slop (~> 3.4)
    rack (1.4.7)
    rack-test (0.5.7)
      rack (>= 1.0)
    railsless-deploy (1.0.2)
    rake (12.3.1)
    sass (3.1.21)
    shotgun (0.8)
      rack (>= 1.0)
    sinatra (1.2.9)
      backports
      rack (~> 1.1, < 1.5)
      tilt (>= 1.2.2, < 2.0)
    slop (3.4.7)
    sshkit (1.17.0)
      net-scp (>= 1.1.2)
      net-ssh (>= 2.8.0)
    thin (1.2.11)
      daemons (>= 1.0.9)
      eventmachine (>= 0.12.6)
      rack (>= 1.0.0)
    thor (0.14.6)
    thread_safe (0.3.6)
    tilt (1.3.7)
    tzinfo (1.2.5)
      thread_safe (~> 0.1)
    uglifier (0.5.4)
      execjs (>= 0.3.0)
      multi_json (>= 1.0.2)
    url_mount (0.2.1)
      rack
    webrobots (0.0.11)
      nokogiri (>= 1.4.4)
    whenever (0.7.0)
      activesupport (>= 2.3.4)
      chronic (~> 0.6.3)

PLATFORMS
  ruby

DEPENDENCIES
  capistrano
  capistrano-bundler
  capistrano-rvm
  compass (~> 0.11.1)
  eventmachine (= 1.0.9.1)
  mechanize (~> 2.0)
  middleman (~> 1.2.7)
  nokogiri (= 1.10.10)
  pry
  railsless-deploy
  whenever

BUNDLED WITH
   1.14.3
